ObjectType = Image
NDims = 3
BinaryData = True
BinaryDataByteOrderMSB = False
CompressedData = True
CompressedDataSize = 86634585
TransformMatrix = 1 0 0 0 1 0 0 0 1
Offset = -173 -41 803.5
CenterOfRotation = 0 0 0
AnatomicalOrientation = RAI
ElementSpacing = 0.67578125 0.67578125 1
DimSize = 512 512 261
ElementType = MET_SHORT
ElementDataFile = 1.zraw
